PATH
  remote: /home/shoshoi/repositories/gitlab
  specs:
    gitlab (4.20.5)
      httparty (~> 0.20)
      terminal-table (>= 1.5.1)

GEM
  remote: https://rubygems.org/
  specs:
    httparty (0.21.0)
      mini_mime (>= 1.0.0)
      multi_xml (>= 0.5.2)
    mini_mime (1.1.2)
    multi_xml (0.6.0)
    terminal-table (3.0.2)
      unicode-display_width (>= 1.1.1, < 3)
    unicode-display_width (2.4.2)

PLATFORMS
  x86_64-linux

DEPENDENCIES
  gitlab!

BUNDLED WITH
   2.2.15
